GEM
  remote: https://rubygems.org/
  specs:
    csv (3.0.0)
    tty-cursor (0.5.0)
    tty-progressbar (0.15.1)
      tty-cursor (~> 0.5.0)
      tty-screen (~> 0.6.4)
      unicode-display_width (~> 1.3)
    tty-screen (0.6.5)
    unicode-display_width (1.4.0)

PLATFORMS
  ruby

DEPENDENCIES
  csv (~> 3.0)
  tty-progressbar

BUNDLED WITH
   1.16.3
